GEM
  remote: https://rubygems.org/
  specs:
    bson (1.6.2)
    json_pure (1.6.6)
    mongo (1.6.2)
      bson (~> 1.6.2)
    mongodb (2.1.0)
      mongo (~> 1.5)
    rack (1.3.6)
    rack-protection (1.2.0)
      rack
    sinatra (1.3.2)
      rack (>= 1.3.6, ~> 1.3)
      rack-protection (~> 1.2)
      tilt (>= 1.3.3, ~> 1.3)
    tilt (1.3.3)

PLATFORMS
  ruby

DEPENDENCIES
  json_pure
  mongodb
  sinatra
